GEM
  remote: https://rubygems.org/
  specs:
    gnuplot (2.6.2)
    ruby-fann (1.2.6)
    ruby-graphviz (1.0.9)

PLATFORMS
  ruby

DEPENDENCIES
  gnuplot
  ruby-fann
  ruby-graphviz
